GEM
  remote: http://rubygems.org/
  specs:
    json (1.8.0-java)
    json-schema (1.0.10)
    multipart-post (1.2.0)
    net-http-persistent (2.8)
    puma (2.8.2-java)
      rack (>= 1.1, < 2.0)
    rack (1.6.0)

PLATFORMS
  java

DEPENDENCIES
  json (= 1.8.0)
  json-schema (= 1.0.10)
  multipart-post (= 1.2.0)
  net-http-persistent (= 2.8)
  puma (= 2.8.2)
